GIT
  remote: https://github.com/ares-ensiie/omniauth-ldap.git
  revision: 5fbbc33c68d1a2349e0f18f41fdb897d9d153050
  specs:
    omniauth-ldap (1.0.2)
      net-ldap (~> 0.2.2)
      omniauth (~> 1.0)
      pyu-ruby-sasl (~> 0.0.3.1)
      rubyntlm (~> 0.1.1)

GEM
  remote: https://rubygems.org/
  specs:
    actionmailer (3.2.11)
      actionpack (= 3.2.11)
      mail (~> 2.4.4)
    actionpack (3.2.11)
      activemodel (= 3.2.11)
      activesupport (= 3.2.11)
      builder (~> 3.0.0)
      erubis (~> 2.7.0)
      journey (~> 1.0.4)
      rack (~> 1.4.0)
      rack-cache (~> 1.2)
      rack-test (~> 0.6.1)
      sprockets (~> 2.2.1)
    activemodel (3.2.11)
      activesupport (= 3.2.11)
      builder (~> 3.0.0)
    activerecord (3.2.11)
      activemodel (= 3.2.11)
      activesupport (= 3.2.11)
      arel (~> 3.0.2)
      tzinfo (~> 0.3.29)
    activeresource (3.2.11)
      activemodel (= 3.2.11)
      activesupport (= 3.2.11)
    activesupport (3.2.11)
      i18n (~> 0.6)
      multi_json (~> 1.0)
    arel (3.0.2)
    asset_sync (0.5.0)
      activemodel
      fog
    aws-sdk (1.8.1.2)
      json (~> 1.4)
      nokogiri (>= 1.4.4)
      uuidtools (~> 2.1)
    backports (2.6.4)
    bcrypt-ruby (3.0.1)
    bootstrap-addons-rails (0.1.1)
      rails
    bootstrap-sass (2.1.1.0)
    builder (3.0.4)
    cancan (1.6.8)
    chosen-rails (0.9.8.3)
      railties (~> 3.0)
      thor (~> 0.14)
    cocaine (0.4.2)
    coderay (1.0.8)
    coffee-filter (0.1.1)
      coffee-script (>= 2.2.0)
      haml (>= 3.0.18)
    coffee-rails (3.2.2)
      coffee-script (>= 2.2.0)
      railties (~> 3.2.0)
    coffee-script (2.2.0)
      coffee-script-source
      execjs
    coffee-script-source (1.3.3)
    database_cleaner (0.9.1)
    devise (2.1.2)
      bcrypt-ruby (~> 3.0)
      orm_adapter (~> 0.1)
      railties (~> 3.1)
      warden (~> 1.2.1)
    diff-lcs (1.1.3)
    doorkeeper (0.6.2)
      railties (~> 3.1)
    erubis (2.7.0)
    excon (0.16.10)
    execjs (1.4.0)
      multi_json (~> 1.0)
    factory_girl (4.1.0)
      activesupport (>= 3.0.0)
    factory_girl_rails (4.1.0)
      factory_girl (~> 4.1.0)
      railties (>= 3.0.0)
    fog (1.7.0)
      builder
      excon (~> 0.14)
      formatador (~> 0.2.0)
      mime-types
      multi_json (~> 1.0)
      net-scp (~> 1.0.4)
      net-ssh (>= 2.1.3)
      nokogiri (~> 1.5.0)
      ruby-hmac
    formatador (0.2.4)
    grape (0.2.2)
      activesupport
      hashie (~> 1.2)
      multi_json (>= 1.3.2)
      multi_xml
      rack
      rack-accept
      rack-mount
      virtus
    haml (3.1.7)
    hashie (1.2.0)
    hashr (0.0.22)
    hike (1.2.1)
    i18n (0.6.1)
    journey (1.0.4)
    jquery-fileupload-rails (0.3.5)
      actionpack (>= 3.1)
      railties (>= 3.1)
    jquery-rails (2.1.3)
      railties (>= 3.1.0, < 5.0)
      thor (~> 0.14)
    json (1.7.6)
    json_spec (1.1.0)
      multi_json (~> 1.0)
      rspec (~> 2.0)
    kaminari (0.14.1)
      actionpack (>= 3.0.0)
      activesupport (>= 3.0.0)
    kgio (2.7.4)
    mail (2.4.4)
      i18n (>= 0.4.0)
      mime-types (~> 1.16)
      treetop (~> 1.4.8)
    method_source (0.8.1)
    mime-types (1.19)
    mongoid (3.0.9)
      activemodel (~> 3.1)
      moped (~> 1.1)
      origin (~> 1.0)
      tzinfo (~> 0.3.22)
    mongoid-paperclip (0.0.8)
      paperclip (>= 2.3.6)
    mongoid-rspec (1.5.5)
      mongoid (>= 3.0.1)
      rake
      rspec (>= 2.9)
    mongoid_slug (2.0.1)
      mongoid (~> 3.0)
      stringex (~> 1.4)
    moped (1.2.7)
    multi_json (1.5.0)
    multi_xml (0.5.1)
    net-ldap (0.2.2)
    net-scp (1.0.4)
      net-ssh (>= 1.99.1)
    net-ssh (2.6.2)
    nokogiri (1.5.5)
    omniauth (1.1.1)
      hashie (~> 1.2)
      rack
    origin (1.0.9)
    orm_adapter (0.4.0)
    paperclip (3.3.1)
      activemodel (>= 3.0.0)
      activerecord (>= 3.0.0)
      activesupport (>= 3.0.0)
      cocaine (~> 0.4.0)
      mime-types
    placeholder (0.0.6)
    polyglot (0.3.3)
    pry (0.9.10)
      coderay (~> 1.0.5)
      method_source (~> 0.8)
      slop (~> 3.3.1)
    pry-remote (0.1.6)
      pry (~> 0.9)
      slop (~> 3.0)
    pyu-ruby-sasl (0.0.3.3)
    rabl (0.7.6)
      activesupport (>= 2.3.14)
      multi_json (~> 1.0)
    rack (1.4.3)
    rack-accept (0.4.5)
      rack (>= 0.4)
    rack-cache (1.2)
      rack (>= 0.4)
    rack-mount (0.8.3)
      rack (>= 1.0.0)
    rack-ssl (1.3.2)
      rack
    rack-test (0.6.2)
      rack (>= 1.0)
    rails (3.2.11)
      actionmailer (= 3.2.11)
      actionpack (= 3.2.11)
      activerecord (= 3.2.11)
      activeresource (= 3.2.11)
      activesupport (= 3.2.11)
      bundler (~> 1.0)
      railties (= 3.2.11)
    railties (3.2.11)
      actionpack (= 3.2.11)
      activesupport (= 3.2.11)
      rack-ssl (~> 1.3.2)
      rake (>= 0.8.7)
      rdoc (~> 3.4)
      thor (>= 0.14.6, < 2.0)
    raindrops (0.10.0)
    rake (10.0.3)
    rdoc (3.12)
      json (~> 1.4)
    rest-client (1.6.7)
      mime-types (>= 1.16)
    rspec (2.12.0)
      rspec-core (~> 2.12.0)
      rspec-expectations (~> 2.12.0)
      rspec-mocks (~> 2.12.0)
    rspec-core (2.12.2)
    rspec-expectations (2.12.0)
      diff-lcs (~> 1.1.3)
    rspec-mocks (2.12.0)
    rspec-rails (2.12.0)
      actionpack (>= 3.0)
      activesupport (>= 3.0)
      railties (>= 3.0)
      rspec-core (~> 2.12.0)
      rspec-expectations (~> 2.12.0)
      rspec-mocks (~> 2.12.0)
    ruby-hmac (0.4.0)
    rubyntlm (0.1.1)
    sass (3.2.1)
    sass-rails (3.2.5)
      railties (~> 3.2.0)
      sass (>= 3.1.10)
      tilt (~> 1.3)
    sextant (0.1.3)
      activesupport (>= 3.2)
      rails (>= 3.2)
    simple_form (2.0.4)
      actionpack (~> 3.0)
      activemodel (~> 3.0)
    slop (3.3.3)
    sprockets (2.2.2)
      hike (~> 1.2)
      multi_json (~> 1.0)
      rack (~> 1.0)
      tilt (~> 1.1, != 1.3.0)
    stringex (1.4.0)
    thor (0.16.0)
    tilt (1.3.3)
    tire (0.5.1)
      activemodel (>= 3.0)
      hashr (~> 0.0.19)
      multi_json (~> 1.0)
      rake
      rest-client (~> 1.6)
    treetop (1.4.12)
      polyglot
      polyglot (>= 0.3.1)
    tzinfo (0.3.35)
    uglifier (1.3.0)
      execjs (>= 0.3.0)
      multi_json (~> 1.0, >= 1.0.2)
    unicorn (4.4.0)
      kgio (~> 2.6)
      rack
      raindrops (~> 0.7)
    uuidtools (2.1.3)
    virtus (0.5.2)
      backports (~> 2.6.1)
    warden (1.2.1)
      rack (>= 1.0)

PLATFORMS
  ruby

DEPENDENCIES
  asset_sync
  aws-sdk
  bootstrap-addons-rails
  bootstrap-sass
  cancan
  chosen-rails
  coffee-filter
  coffee-rails (~> 3.2.2)
  database_cleaner
  devise
  doorkeeper
  factory_girl_rails
  grape
  haml
  jquery-fileupload-rails
  jquery-rails
  json_spec
  kaminari
  mongoid
  mongoid-paperclip
  mongoid-rspec
  mongoid_slug
  omniauth-ldap!
  placeholder
  pry
  pry-remote
  rabl
  rails (= 3.2.11)
  rspec-rails
  sass-rails (~> 3.2.5)
  sextant
  simple_form
  tire
  uglifier (>= 1.0.3)
  unicorn
